PATH
  remote: .
  specs:
    gollum-site (0.1.12)
      directory_watcher
      gollum (= 1.4.3)
      liquid (>= 2.2.2)
      mixlib-log (>= 1.1.0)

GEM
  remote: http://rubygems.org/
  specs:
    blankslate (2.1.2.4)
    diff-lcs (1.1.3)
    directory_watcher (1.4.1)
    ffi (1.0.11)
    github-markdown (0.3.2)
    github-markup (0.7.2)
    gollum (1.4.3)
      github-markdown
      github-markup (>= 0.7.0, < 1.0.0)
      grit (~> 2.4.1)
      mustache (>= 0.11.2, < 1.0.0)
      nokogiri (~> 1.4)
      posix-spawn (~> 0.3.0)
      pygments.rb (~> 0.2.0)
      sanitize (~> 2.0.0)
      sinatra (~> 1.0)
    grit (2.4.1)
      diff-lcs (~> 1.1)
      mime-types (~> 1.15)
    liquid (2.3.0)
    mime-types (1.18)
    mixlib-log (1.3.0)
    mustache (0.99.4)
    nokogiri (1.5.2)
    posix-spawn (0.3.6)
    pygments.rb (0.2.12)
      rubypython (~> 0.5.3)
    rack (1.4.1)
    rack-protection (1.2.0)
      rack
    rubypython (0.5.3)
      blankslate (>= 2.1.2.3)
      ffi (~> 1.0.7)
    sanitize (2.0.3)
      nokogiri (>= 1.4.4, < 1.6)
    sinatra (1.3.2)
      rack (~> 1.3, >= 1.3.6)
      rack-protection (~> 1.2)
      tilt (~> 1.3, >= 1.3.3)
    tilt (1.3.3)

PLATFORMS
  ruby

DEPENDENCIES
  gollum-site!
