PATH
  remote: .
  specs:
    gollum-site (0.1.12)
      directory_watcher
      gollum-lib (>= 1.0.0)
      liquid (>= 2.2.2)
      mixlib-log (>= 1.1.0)

GEM
  remote: http://rubygems.org/
  specs:
    diff-lcs (1.2.4)
    directory_watcher (1.5.1)
    github-markdown (0.5.3)
    github-markup (0.7.5)
    gollum-lib (1.0.0)
      github-markdown (~> 0.5.3)
      github-markup (>= 0.7.5, < 1.0.0)
      grit (~> 2.5.0)
      nokogiri (~> 1.5.9)
      pygments.rb (~> 0.4.2)
      sanitize (~> 2.0.3)
      stringex (~> 1.5.1)
    grit (2.5.0)
      diff-lcs (~> 1.1)
      mime-types (~> 1.15)
      posix-spawn (~> 0.3.6)
    liquid (2.5.0)
    mime-types (1.23)
    mixlib-log (1.6.0)
    nokogiri (1.5.9)
    posix-spawn (0.3.6)
    pygments.rb (0.4.2)
      posix-spawn (~> 0.3.6)
      yajl-ruby (~> 1.1.0)
    sanitize (2.0.3)
      nokogiri (>= 1.4.4, < 1.6)
    stringex (1.5.1)
    yajl-ruby (1.1.0)

PLATFORMS
  ruby

DEPENDENCIES
  gollum-site!
